PATH
  remote: .
  specs:
    gom-sensor-ports (0.2.4)
      daemons
      gom-core (~> 0.2.2)
      gom-script (~> 0.2.2)

GEM
  remote: https://rubygems.org/
  specs:
    applix (0.4.10)
      daemons
    columnize (0.3.6)
    daemons (1.0.10)
    debugger (1.6.0)
      columnize (>= 0.3.1)
      debugger-linecache (~> 1.2.0)
      debugger-ruby_core_source (~> 1.2.1)
    debugger-linecache (1.2.0)
    debugger-ruby_core_source (1.2.2)
    diff-lcs (1.1.3)
    fakeweb (1.3.0)
    ffi (1.0.11)
    gem_plugin (0.2.3)
    gom-core (0.2.2)
    gom-script (0.2.2)
      applix
      gom-core (~> 0.2.2)
      json
      mongrel (>= 1.2.0.pre2)
      rack
    growl (1.0.3)
    guard (1.2.3)
      listen (>= 0.4.2)
      thor (>= 0.14.6)
    guard-rspec (1.2.0)
      guard (>= 1.1)
    json (1.7.7)
    listen (0.4.7)
      rb-fchange (~> 0.0.5)
      rb-fsevent (~> 0.9.1)
      rb-inotify (~> 0.8.8)
    mongrel (1.2.0.pre2)
      daemons (~> 1.0.10)
      gem_plugin (~> 0.2.3)
    rack (1.5.2)
    rb-fchange (0.0.5)
      ffi
    rb-fsevent (0.9.1)
    rb-inotify (0.8.8)
      ffi (>= 0.5.0)
    rspec (2.11.0)
      rspec-core (~> 2.11.0)
      rspec-expectations (~> 2.11.0)
      rspec-mocks (~> 2.11.0)
    rspec-core (2.11.0)
    rspec-expectations (2.11.1)
      diff-lcs (~> 1.1.3)
    rspec-mocks (2.11.1)
    thor (0.15.4)

PLATFORMS
  ruby

DEPENDENCIES
  debugger
  fakeweb
  gom-sensor-ports!
  growl
  guard
  guard-rspec
  rspec
  rspec-mocks
